PATH
  remote: .
  specs:
    analytics-pros-blog-scrape (0.1.0)

GEM
  remote: https://rubygems.org/
  specs:
    rake (10.4.2)

PLATFORMS
  ruby

DEPENDENCIES
  analytics-pros-blog-scrape!
  bundler (~> 1.16)
  rake (~> 10.0)

BUNDLED WITH
   1.16.6
